GEM
  remote: http://rubygems.org/
  specs:
    bouncy-castle-java (1.5.0147)
    jruby-openssl (0.9.4)
      bouncy-castle-java (>= 1.5.0147)

PLATFORMS
  ruby

DEPENDENCIES
  jruby-openssl

BUNDLED WITH
   1.14.6
